GEM
  remote: https://rubygems.org/
  specs:
    addressable (2.3.7)
    coderay (1.1.0)
    faraday (0.9.1)
      multipart-post (>= 1.2, < 3)
    method_source (0.8.2)
    multipart-post (2.0.0)
    octokit (3.8.0)
      sawyer (~> 0.6.0, >= 0.5.3)
    pry (0.10.1)
      coderay (~> 1.1.0)
      method_source (~> 0.8.1)
      slop (~> 3.4)
    pry-doc (0.6.0)
      pry (~> 0.9)
      yard (~> 0.8)
    rake (10.4.2)
    sawyer (0.6.0)
      addressable (~> 2.3.5)
      faraday (~> 0.8, < 0.10)
    slop (3.6.0)
    yard (0.8.7.6)

PLATFORMS
  ruby

DEPENDENCIES
  octokit
  pry
  pry-doc
  rake
